GEM
  remote: https://rubygems.org/
  specs:
    commonmarker (0.17.5)
      ruby-enum (~> 0.5)
    concurrent-ruby (1.0.5)
    ffi (1.9.18)
    i18n (0.9.1)
      concurrent-ruby (~> 1.0)
    rake (12.2.1)
    rb-fsevent (0.10.2)
    rb-inotify (0.9.10)
      ffi (>= 0.5.0, < 2)
    ruby-enum (0.7.1)
      i18n
    sass (3.5.3)
      sass-listen (~> 4.0.0)
    sass-listen (4.0.0)
      rb-fsevent (~> 0.9, >= 0.9.4)
      rb-inotify (~> 0.9, >= 0.9.7)

PLATFORMS
  ruby

DEPENDENCIES
  commonmarker
  rake
  sass

BUNDLED WITH
   1.14.6
