GEM
  remote: https://rubygems.org/
  specs:
    commonmarker (0.23.10)
    ffi (1.16.3)
    rake (13.1.0)
    rb-fsevent (0.11.2)
    rb-inotify (0.10.1)
      ffi (~> 1.0)
    sass (3.7.4)
      sass-listen (~> 4.0.0)
    sass-listen (4.0.0)
      rb-fsevent (~> 0.9, >= 0.9.4)
      rb-inotify (~> 0.9, >= 0.9.7)

PLATFORMS
  x86_64-linux

DEPENDENCIES
  commonmarker
  rake
  sass

BUNDLED WITH
   2.4.19
